GEM
  remote: https://rubygems.org/
  specs:
    rake (10.1.0)
    teacup (2.1.10)

PLATFORMS
  ruby

DEPENDENCIES
  rake
  teacup
